GEM
  remote: https://rubygems.org/
  specs:
    activemodel (4.2.9)
      activesupport (= 4.2.9)
      builder (~> 3.1)
    activesupport (4.2.9)
      i18n (~> 0.7)
      minitest (~> 5.1)
      thread_safe (~> 0.3, >= 0.3.4)
      tzinfo (~> 1.1)
    builder (3.2.3)
    hashie (3.5.6)
    highline (1.7.8)
    i18n (0.8.6)
    minitest (5.10.3)
    net-scp (1.2.1)
      net-ssh (>= 2.6.5)
    net-ssh (4.1.0)
    net-telnet (0.1.1)
    plist (3.2.0)
    rainbow (2.2.2)
      rake
    rake (12.0.0)
    serverkit (0.6.9)
      activemodel
      activesupport (< 5.0.0)
      bundler
      hashie
      highline
      rainbow
      slop (~> 3.4)
      specinfra (>= 2.31.0)
      unix-crypt
    serverkit-atom (0.0.1)
      serverkit
    serverkit-defaults (0.0.3)
      plist
      serverkit
    serverkit-homebrew (0.0.5)
      serverkit
    sfl (2.3)
    slop (3.6.0)
    specinfra (2.71.0)
      net-scp
      net-ssh (>= 2.7, < 5.0)
      net-telnet
      sfl
    thread_safe (0.3.6)
    tzinfo (1.2.3)
      thread_safe (~> 0.1)
    unix-crypt (1.3.0)

PLATFORMS
  ruby

DEPENDENCIES
  serverkit
  serverkit-atom
  serverkit-defaults
  serverkit-homebrew

BUNDLED WITH
   1.14.6
